GIT
  remote: git://github.com/Compass/compass-rails.git
  revision: 3e88f991150ffa39b0a539dffb3326248d18e6ad
  branch: master
  specs:
    compass-rails (2.0.4)
      compass (~> 1.0.0)
      sass-rails (< 5.1)
      sprockets (< 2.13)

GIT
  remote: git://github.com/rweng/underscore-rails.git
  revision: 16450d645d1bd0f86be4ffeea2abfd59bdc33624
  tag: v1.6.0
  specs:
    underscore-rails (1.6.0)

GEM
  remote: http://rubygems.org/
  specs:
    actionmailer (4.2.3)
      actionpack (= 4.2.3)
      actionview (= 4.2.3)
      activejob (= 4.2.3)
      mail (~> 2.5, >= 2.5.4)
      rails-dom-testing (~> 1.0, >= 1.0.5)
    actionpack (4.2.3)
      actionview (= 4.2.3)
      activesupport (= 4.2.3)
      rack (~> 1.6)
      rack-test (~> 0.6.2)
      rails-dom-testing (~> 1.0, >= 1.0.5)
      rails-html-sanitizer (~> 1.0, >= 1.0.2)
    actionpresenter (0.2.0)
      rails (~> 4.0)
    actionview (4.2.3)
      activesupport (= 4.2.3)
      builder (~> 3.1)
      erubis (~> 2.7.0)
      rails-dom-testing (~> 1.0, >= 1.0.5)
      rails-html-sanitizer (~> 1.0, >= 1.0.2)
    active_link_to (1.0.2)
      actionpack
    activejob (4.2.3)
      activesupport (= 4.2.3)
      globalid (>= 0.3.0)
    activemodel (4.2.3)
      activesupport (= 4.2.3)
      builder (~> 3.1)
    activerecord (4.2.3)
      activemodel (= 4.2.3)
      activesupport (= 4.2.3)
      arel (~> 6.0)
    activesupport (4.2.3)
      i18n (~> 0.7)
      json (~> 1.7, >= 1.7.7)
      minitest (~> 5.1)
      thread_safe (~> 0.3, >= 0.3.4)
      tzinfo (~> 1.1)
    acts_as_list (0.4.0)
      activerecord (>= 3.0)
    acts_as_sanitizable (0.3.1)
    acts_as_tree (1.5.0)
      activerecord (>= 3.0.0)
    addressable (2.3.5)
    annotate (2.6.10)
      activerecord (>= 3.2, <= 4.3)
      rake (~> 10.4)
    arel (6.0.3)
    ast (2.0.0)
    astrolabe (1.3.0)
      parser (>= 2.2.0.pre.3, < 3.0)
    autoprefixer-rails (3.1.1.20141001)
      execjs
    awesome_nested_set (3.0.1)
      activerecord (>= 4.0.0, < 5)
    axiom-types (0.0.5)
      descendants_tracker (~> 0.0.1)
      ice_nine (~> 0.9)
    bcrypt (3.1.6)
    bcrypt-ruby (3.1.5)
      bcrypt (>= 3.1.3)
    better_errors (1.1.0)
      coderay (>= 1.0.0)
      erubis (>= 2.6.6)
    binding_of_caller (0.7.2)
      debug_inspector (>= 0.0.1)
    bootstrap-sass (3.1.1.0)
      sass (~> 3.2)
    builder (3.2.2)
    bullet (4.8.0)
      activesupport
      uniform_notifier (>= 1.4.0)
    byebug (2.7.0)
      columnize (~> 0.3)
      debugger-linecache (~> 1.2)
    cancancan (1.12.0)
    capistrano (3.4.0)
      i18n
      rake (>= 10.0.0)
      sshkit (~> 1.3)
    capistrano-bundler (1.1.2)
      capistrano (~> 3.0)
      sshkit (~> 1.2)
    capistrano-rails (1.1.1)
      capistrano (~> 3.1)
      capistrano-bundler (~> 1.1)
    capistrano-rvm (0.1.1)
      capistrano (~> 3.0)
      sshkit (~> 1.2)
    carrierwave (0.10.0)
      activemodel (>= 3.2.0)
      activesupport (>= 3.2.0)
      json (>= 1.7)
      mime-types (>= 1.16)
    choice (0.1.6)
    chronic (0.10.2)
    chunky_png (1.3.0)
    climate_control (0.0.3)
      activesupport (>= 3.0)
    cocaine (0.5.4)
      climate_control (>= 0.0.3, < 1.0)
    coderay (1.1.0)
    coercible (1.0.0)
      descendants_tracker (~> 0.0.1)
    coffee-rails (4.1.0)
      coffee-script (>= 2.2.0)
      railties (>= 4.0.0, < 5.0)
    coffee-script (2.4.1)
      coffee-script-source
      execjs
    coffee-script-source (1.9.1.1)
    coffeebeans (1.0.1)
      actionpack (>= 3.0.0)
      coffee-script
    color (1.7)
    colorize (0.7.7)
    columnize (0.8.9)
    compass (1.0.3)
      chunky_png (~> 1.2)
      compass-core (~> 1.0.2)
      compass-import-once (~> 1.0.5)
      rb-fsevent (>= 0.9.3)
      rb-inotify (>= 0.9)
      sass (>= 3.3.13, < 3.5)
    compass-core (1.0.3)
      multi_json (~> 1.0)
      sass (>= 3.3.0, < 3.5)
    compass-import-once (1.0.5)
      sass (>= 3.2, < 3.5)
    countries (0.9.3)
      currencies (~> 0.4.2)
    country_select (2.0.0)
      countries (~> 0.9, >= 0.9.3)
    currencies (0.4.2)
    daemons (1.1.9)
    debug_inspector (0.0.2)
    debugger-linecache (1.2.0)
    descendants_tracker (0.0.3)
    email_validator (1.4.0)
      activemodel
    equalizer (0.0.9)
    erubis (2.7.0)
    eventmachine (1.0.7)
    exception_notification (4.0.1)
      actionmailer (>= 3.0.4)
      activesupport (>= 3.0.4)
    execjs (2.5.2)
    faker (1.4.3)
      i18n (~> 0.5)
    faraday (0.9.0)
      multipart-post (>= 1.2, < 3)
    ffi (1.9.8)
    globalid (0.3.5)
      activesupport (>= 4.1.0)
    globalize (5.0.1)
      activemodel (>= 4.2.0, < 4.3)
      activerecord (>= 4.2.0, < 4.3)
    haml (4.0.5)
      tilt
    haml-rails (0.5.3)
      actionpack (>= 4.0.1)
      activesupport (>= 4.0.1)
      haml (>= 3.1, < 5.0)
      railties (>= 4.0.1)
    hike (1.2.3)
    http_accept_language (2.0.5)
    i18n (0.7.0)
    ice_nine (0.11.0)
    jbuilder (1.5.3)
      activesupport (>= 3.0.0)
      multi_json (>= 1.2.0)
    jquery-fileupload-rails (0.4.1)
      actionpack (>= 3.1)
      railties (>= 3.1)
    jquery-rails (3.1.0)
      railties (>= 3.0, < 5.0)
      thor (>= 0.14, < 2.0)
    jquery-turbolinks (2.0.2)
      railties (>= 3.1.0)
      turbolinks
    jquery-ui-rails (5.0.0)
      railties (>= 3.2.16)
    json (1.8.3)
    jwt (0.1.11)
      multi_json (>= 1.5)
    kaminari (0.15.1)
      actionpack (>= 3.0.0)
      activesupport (>= 3.0.0)
    launchy (2.4.2)
      addressable (~> 2.3)
    letter_opener (1.2.0)
      launchy (~> 2.2)
    libv8 (3.16.14.3)
    liquid (3.0.3)
    loofah (2.0.2)
      nokogiri (>= 1.5.9)
    mail (2.6.3)
      mime-types (>= 1.16, < 3)
    masonry-rails (0.2.4)
      railties
    method_source (0.8.2)
    mime-types (2.6.1)
    mini_exiftool (2.5.0)
    mini_portile (0.6.2)
    minitest (5.8.3)
    miro (0.3.0)
      cocaine
      color
      oily_png
    multi_json (1.11.2)
    multi_xml (0.5.5)
    multipart-post (2.0.0)
    net-scp (1.2.1)
      net-ssh (>= 2.6.5)
    net-ssh (2.9.2)
    nokogiri (1.6.6.4)
      mini_portile (~> 0.6.0)
    nprogress-rails (0.1.6.3)
    oauth (0.4.7)
    oauth2 (0.9.3)
      faraday (>= 0.8, < 0.10)
      jwt (~> 0.1.8)
      multi_json (~> 1.3)
      multi_xml (~> 0.5)
      rack (~> 1.2)
    oily_png (1.1.1)
      chunky_png (~> 1.3.0)
    paperclip (4.2.1)
      activemodel (>= 3.0.0)
      activesupport (>= 3.0.0)
      cocaine (~> 0.5.3)
      mime-types
    parser (2.2.0.pre.8)
      ast (>= 1.1, < 3.0)
      slop (~> 3.4, >= 3.4.5)
    pg (0.17.1)
    polyamorous (1.2.0)
      activerecord (>= 3.0)
    powerpack (0.0.9)
    pry (0.9.12.6)
      coderay (~> 1.0)
      method_source (~> 0.8)
      slop (~> 3.4)
    pry-byebug (1.3.2)
      byebug (~> 2.7)
      pry (~> 0.9.12)
    pry-rails (0.3.2)
      pry (>= 0.9.10)
    quiet_assets (1.0.2)
      railties (>= 3.1, < 5.0)
    rack (1.6.4)
    rack-encoding_guard (0.1.2)
      activesupport (>= 3.0.0)
      rack
    rack-test (0.6.3)
      rack (>= 1.0)
    rails (4.2.3)
      actionmailer (= 4.2.3)
      actionpack (= 4.2.3)
      actionview (= 4.2.3)
      activejob (= 4.2.3)
      activemodel (= 4.2.3)
      activerecord (= 4.2.3)
      activesupport (= 4.2.3)
      bundler (>= 1.3.0, < 2.0)
      railties (= 4.2.3)
      sprockets-rails
    rails-deprecated_sanitizer (1.0.3)
      activesupport (>= 4.2.0.alpha)
    rails-dom-testing (1.0.6)
      activesupport (>= 4.2.0.beta, < 5.0)
      nokogiri (~> 1.6.0)
      rails-deprecated_sanitizer (>= 1.0.1)
    rails-erd (1.1.0)
      activerecord (>= 3.0)
      activesupport (>= 3.0)
      choice (~> 0.1.6)
      ruby-graphviz (~> 1.0.4)
    rails-html-sanitizer (1.0.2)
      loofah (~> 2.0)
    railties (4.2.3)
      actionpack (= 4.2.3)
      activesupport (= 4.2.3)
      rake (>= 0.8.7)
      thor (>= 0.18.1, < 2.0)
    rainbow (2.0.0)
    rake (10.4.2)
    ransack (1.6.6)
      actionpack (>= 3.0)
      activerecord (>= 3.0)
      activesupport (>= 3.0)
      i18n
      polyamorous (~> 1.2)
    rb-fsevent (0.9.5)
    rb-inotify (0.9.5)
      ffi (>= 0.5.0)
    ref (1.0.5)
    request_store (1.0.5)
    responders (2.1.0)
      railties (>= 4.2.0, < 5)
    rmagick (2.13.4)
    rubocop (0.28.0)
      astrolabe (~> 1.3)
      parser (>= 2.2.0.pre.7, < 3.0)
      powerpack (~> 0.0.6)
      rainbow (>= 1.99.1, < 3.0)
      ruby-progressbar (~> 1.4)
    ruby-graphviz (1.0.9)
    ruby-progressbar (1.7.0)
    sass (3.4.14)
    sass-rails (5.0.3)
      railties (>= 4.0.0, < 5.0)
      sass (~> 3.1)
      sprockets (>= 2.8, < 4.0)
      sprockets-rails (>= 2.0, < 4.0)
      tilt (~> 1.1)
    select2-bootstrap-css (1.2.3)
    simple_form (3.1.0.rc1)
      actionpack (~> 4.0)
      activemodel (~> 4.0)
    slop (3.4.7)
    sorcery (0.8.5)
      bcrypt-ruby (>= 3.0)
      oauth (~> 0.4.4)
      oauth2 (>= 0.8.0, < 1.0.0)
    spring (1.3.6)
    sprockets (2.12.4)
      hike (~> 1.2)
      multi_json (~> 1.0)
      rack (~> 1.0)
      tilt (~> 1.1, != 1.3.0)
    sprockets-rails (2.3.2)
      actionpack (>= 3.0)
      activesupport (>= 3.0)
      sprockets (>= 2.8, < 4.0)
    sshkit (1.7.1)
      colorize (>= 0.7.0)
      net-scp (>= 1.1.2)
      net-ssh (>= 2.8.0)
    state_machine (1.2.0)
    therubyracer (0.12.1)
      libv8 (~> 3.16.14.0)
      ref
    thin (1.6.2)
      daemons (>= 1.0.9)
      eventmachine (>= 1.0.0)
      rack (>= 1.0.0)
    thor (0.19.1)
    thread_safe (0.3.5)
    tilt (1.4.1)
    turbolinks (2.5.3)
      coffee-rails
    tzinfo (1.2.2)
      thread_safe (~> 0.1)
    uglifier (2.5.3)
      execjs (>= 0.3.0)
      json (>= 1.8.0)
    underscore-string-rails (0.0.2)
    uniform_notifier (1.4.0)
    user_agent (1.1.1)
    virtus (1.0.1)
      axiom-types (~> 0.0.5)
      coercible (~> 1.0)
      descendants_tracker (~> 0.0.1)
      equalizer (~> 0.0.7)
    vnstat-ruby (1.0.5)
      nokogiri (~> 1.6)
    web-console (2.1.2)
      activemodel (>= 4.0)
      binding_of_caller (>= 0.7.2)
      railties (>= 4.0)
      sprockets-rails (>= 2.0, < 4.0)
    whenever (0.9.4)
      chronic (>= 0.6.3)

PLATFORMS
  ruby

DEPENDENCIES
  actionpresenter
  active_link_to
  acts_as_list
  acts_as_sanitizable
  acts_as_tree
  annotate
  autoprefixer-rails
  awesome_nested_set (= 3.0.1)
  bcrypt-ruby
  better_errors
  binding_of_caller
  bootstrap-sass
  builder
  bullet
  cancancan
  capistrano (= 3.4.0)
  capistrano-rails
  capistrano-rvm
  carrierwave
  coffee-rails
  coffeebeans
  compass-rails!
  countries
  country_select
  daemons
  email_validator
  exception_notification
  execjs
  faker
  globalize
  haml-rails
  http_accept_language
  jbuilder (~> 1.2)
  jquery-fileupload-rails
  jquery-rails
  jquery-turbolinks
  jquery-ui-rails
  kaminari
  letter_opener
  liquid
  masonry-rails
  mini_exiftool
  miro
  nokogiri
  nprogress-rails
  paperclip
  pg
  pry-byebug
  pry-rails
  quiet_assets
  rack-encoding_guard (= 0.1.2)
  rails (= 4.2.3)
  rails-erd
  ransack
  request_store
  responders
  rmagick
  rubocop
  sass-rails
  select2-bootstrap-css
  simple_form (= 3.1.0.rc1)
  sorcery
  spring
  sprockets-rails
  state_machine
  therubyracer
  thin
  turbolinks (~> 2.5.3)
  uglifier
  underscore-rails!
  underscore-string-rails
  user_agent
  virtus
  vnstat-ruby (= 1.0.5)
  web-console (~> 2.0)
  whenever

BUNDLED WITH
   1.10.6
